GEM
  remote: https://rubygems.org/
  specs:
    rake (13.0.1)
    rumrunner (0.4.3)
      rake (~> 13.0)

PLATFORMS
  ruby

DEPENDENCIES
  rumrunner (~> 0.4)

BUNDLED WITH
   2.0.2
